PATH
  remote: .
  specs:
    mongoid-authlogic (3.3.0)
      activemodel (>= 3.2)
      activesupport (>= 3.2)
      mongoid (>= 3.0)

GEM
  remote: https://rubygems.org/
  specs:
    activemodel (3.2.13)
      activesupport (= 3.2.13)
      builder (~> 3.0.0)
    activesupport (3.2.13)
      i18n (= 0.6.1)
      multi_json (~> 1.0)
    bcrypt-ruby (3.0.1)
    builder (3.0.4)
    i18n (0.6.1)
    mongoid (3.1.4)
      activemodel (~> 3.2)
      moped (~> 1.4)
      origin (~> 1.0)
      tzinfo (~> 0.3.22)
    moped (1.5.0)
    multi_json (1.7.7)
    origin (1.1.0)
    rake (10.0.3)
    scrypt (1.1.0)
    timecop (0.6.1)
    tzinfo (0.3.37)

PLATFORMS
  ruby

DEPENDENCIES
  bcrypt-ruby
  i18n
  mongoid-authlogic!
  moped
  rake
  scrypt
  timecop
